GIT
  remote: git://github.com/projectblacklight/blacklight.git
  revision: d8d42b32c31cb90a274910b29433c87ddc5ff272
  specs:
    blacklight (3.2.2)
      compass (>= 0.12.alpha.2)
      kaminari
      marc (~> 0.4.3)
      nokogiri (~> 1.5)
      rails (~> 3.1)
      rsolr (~> 1.0.6)
      rsolr-ext (~> 1.0.3)
      sass-rails (~> 3.1)
      unicode

GIT
  remote: git://github.com/projecthydra/hydra-head.git
  revision: e119f8d7381ffd01f04cb09e60371ddebbf5fc7b
  branch: 4.0.x
  specs:
    hydra-head (3.3.0)
      RedCloth (= 4.2.9)
      active-fedora (>= 3.3.0)
      blacklight (~> 3.2.2)
      block_helpers
      devise
      om (= 1.5.2)
      rails (~> 3.2.1)
      sanitize
      solrizer-fedora (>= 1.2.2)

GEM
  remote: https://rubygems.org/
  specs:
    RedCloth (4.2.9)
    actionmailer (3.2.1)
      actionpack (= 3.2.1)
      mail (~> 2.4.0)
    actionpack (3.2.1)
      activemodel (= 3.2.1)
      activesupport (= 3.2.1)
      builder (~> 3.0.0)
      erubis (~> 2.7.0)
      journey (~> 1.0.1)
      rack (~> 1.4.0)
      rack-cache (~> 1.1)
      rack-test (~> 0.6.1)
      sprockets (~> 2.1.2)
    active-fedora (3.3.1)
      activeresource (>= 3.0.0)
      activesupport (>= 3.0.0)
      equivalent-xml
      mediashelf-loggable
      mime-types (>= 1.16)
      multipart-post (= 1.1.2)
      nokogiri
      om (>= 1.5.1)
      rdf
      rdf-rdfxml
      rubydora (~> 0.5.2)
      solr-ruby (>= 0.0.6)
      solrizer (~> 1.2.0)
      xml-simple (>= 1.0.12)
    activemodel (3.2.1)
      activesupport (= 3.2.1)
      builder (~> 3.0.0)
    activerecord (3.2.1)
      activemodel (= 3.2.1)
      activesupport (= 3.2.1)
      arel (~> 3.0.0)
      tzinfo (~> 0.3.29)
    activeresource (3.2.1)
      activemodel (= 3.2.1)
      activesupport (= 3.2.1)
    activesupport (3.2.1)
      i18n (~> 0.6)
      multi_json (~> 1.0)
    addressable (2.2.6)
    akami (1.0.0)
      gyoku (>= 0.4.0)
    arel (3.0.0)
    backports (2.3.0)
    bcrypt-ruby (3.0.1)
    block_helpers (0.3.3)
      activesupport (>= 2.0)
    builder (3.0.0)
    capistrano (2.11.1)
      highline
      net-scp (>= 1.0.0)
      net-sftp (>= 2.0.0)
      net-ssh (>= 2.0.14)
      net-ssh-gateway (>= 1.1.0)
    capybara (1.1.2)
      mime-types (>= 1.16)
      nokogiri (>= 1.3.3)
      rack (>= 1.0.0)
      rack-test (>= 0.5.4)
      selenium-webdriver (~> 2.0)
      xpath (~> 0.1.4)
    childprocess (0.3.1)
      ffi (~> 1.0.6)
    chunky_png (1.2.5)
    coffee-rails (3.2.2)
      coffee-script (>= 2.2.0)
      railties (~> 3.2.0)
    coffee-script (2.2.0)
      coffee-script-source
      execjs
    coffee-script-source (1.2.0)
    compass (0.12.rc.1)
      chunky_png (~> 1.2)
      fssm (>= 0.2.7)
      sass (~> 3.1)
    cucumber (1.1.4)
      builder (>= 2.1.2)
      diff-lcs (>= 1.1.2)
      gherkin (~> 2.7.1)
      json (>= 1.4.6)
      term-ansicolor (>= 1.0.6)
    cucumber-rails (1.2.1)
      capybara (>= 1.1.2)
      cucumber (>= 1.1.3)
      nokogiri (>= 1.5.0)
    daemons (1.1.8)
    database_cleaner (0.7.1)
    devise (2.0.1)
      bcrypt-ruby (~> 3.0)
      orm_adapter (~> 0.0.3)
      railties (~> 3.1)
      warden (~> 1.1)
    diff-lcs (1.1.3)
    equivalent-xml (0.2.9)
      nokogiri (>= 1.4.3)
    erubis (2.7.0)
    execjs (1.3.0)
      multi_json (~> 1.0)
    fastercsv (1.5.4)
    ffi (1.0.11)
    fssm (0.2.8.1)
    gherkin (2.7.7)
      json (>= 1.4.6)
    gyoku (0.4.4)
      builder (>= 2.1.2)
    highline (1.6.11)
    hike (1.2.1)
    httpi (0.9.5)
      rack
    i18n (0.6.0)
    jettywrapper (1.2.1)
      activesupport (>= 3.0.0)
      childprocess
      i18n
      logger
      mediashelf-loggable
    journey (1.0.1)
    jquery-rails (2.0.0)
      railties (>= 3.2.0.beta, < 5.0)
      thor (~> 0.14)
    json (1.6.5)
    kaminari (0.13.0)
      actionpack (>= 3.0.0)
      activesupport (>= 3.0.0)
      railties (>= 3.0.0)
    libv8 (3.3.10.4)
    logger (1.2.8)
    mail (2.4.1)
      i18n (>= 0.4.0)
      mime-types (~> 1.16)
      treetop (~> 1.4.8)
    marc (0.4.3)
    mediainfo (0.7.2)
    mediashelf-loggable (0.4.9)
    metaclass (0.0.1)
    mime-types (1.17.2)
    mocha (0.10.4)
      metaclass (~> 0.0.1)
    multi_json (1.0.4)
    multipart-post (1.1.2)
    net-scp (1.0.4)
      net-ssh (>= 1.99.1)
    net-sftp (2.0.5)
      net-ssh (>= 2.0.9)
    net-ssh (2.3.0)
    net-ssh-gateway (1.1.0)
      net-ssh (>= 1.99.1)
    noid (0.5.3)
      backports
    nokogiri (1.5.0)
    nori (1.0.2)
    om (1.5.2)
      mediashelf-loggable
      nokogiri (>= 1.4.2)
    orm_adapter (0.0.6)
    polyglot (0.3.3)
    rack (1.4.1)
    rack-cache (1.1)
      rack (>= 0.4)
    rack-ssl (1.3.2)
      rack
    rack-test (0.6.1)
      rack (>= 1.0)
    rails (3.2.1)
      actionmailer (= 3.2.1)
      actionpack (= 3.2.1)
      activerecord (= 3.2.1)
      activeresource (= 3.2.1)
      activesupport (= 3.2.1)
      bundler (~> 1.0)
      railties (= 3.2.1)
    railties (3.2.1)
      actionpack (= 3.2.1)
      activesupport (= 3.2.1)
      rack-ssl (~> 1.3.2)
      rake (>= 0.8.7)
      rdoc (~> 3.4)
      thor (~> 0.14.6)
    rake (0.9.2.2)
    rdf (0.3.5)
      addressable (>= 2.2.6)
    rdf-rdfxml (0.3.5)
      nokogiri (>= 1.4.4)
      rdf (>= 0.3.4)
    rdoc (3.12)
      json (~> 1.4)
    rest-client (1.6.7)
      mime-types (>= 1.16)
    rsolr (1.0.7)
      builder (>= 2.1.2)
    rsolr-ext (1.0.3)
      rsolr (>= 1.0.2)
    rspec (2.8.0)
      rspec-core (~> 2.8.0)
      rspec-expectations (~> 2.8.0)
      rspec-mocks (~> 2.8.0)
    rspec-core (2.8.0)
    rspec-expectations (2.8.0)
      diff-lcs (~> 1.1.2)
    rspec-mocks (2.8.0)
    rspec-rails (2.8.1)
      actionpack (>= 3.0)
      activesupport (>= 3.0)
      railties (>= 3.0)
      rspec (~> 2.8.0)
    rubydora (0.5.2)
      activemodel
      activesupport
      fastercsv
      mime-types
      nokogiri
      rest-client
      savon
    rubyzip (0.9.6.1)
    sanitize (2.0.3)
      nokogiri (>= 1.4.4, < 1.6)
    sass (3.1.15)
    sass-rails (3.2.4)
      railties (~> 3.2.0)
      sass (>= 3.1.10)
      tilt (~> 1.3)
    savon (0.9.8)
      akami (~> 1.0)
      builder (>= 2.1.2)
      gyoku (>= 0.4.0)
      httpi (~> 0.9)
      nokogiri (>= 1.4.0)
      nori (~> 1.0)
      wasabi (~> 2.0)
    selenium-webdriver (2.19.0)
      childprocess (>= 0.2.5)
      ffi (~> 1.0.9)
      multi_json (~> 1.0.4)
      rubyzip
    solr-ruby (0.0.8)
    solrizer (1.2.0)
      daemons
      mediashelf-loggable (~> 0.4.7)
      nokogiri
      om (>= 1.5.0)
      stomp
      xml-simple
    solrizer-fedora (1.2.3)
      active-fedora (>= 3.1.0)
      activesupport
      fastercsv
      jettywrapper (>= 1.1.0)
      rsolr
      solr-ruby (>= 0.0.6)
      solrizer (>= 1.0.0)
    sprockets (2.1.2)
      hike (~> 1.2)
      rack (~> 1.0)
      tilt (~> 1.1, != 1.3.0)
    sqlite3 (1.3.5)
    stomp (1.2.0)
    term-ansicolor (1.0.7)
    therubyracer (0.9.10)
      libv8 (~> 3.3.10)
    thor (0.14.6)
    tilt (1.3.3)
    treetop (1.4.10)
      polyglot
      polyglot (>= 0.3.1)
    tzinfo (0.3.31)
    uglifier (1.2.3)
      execjs (>= 0.3.0)
      multi_json (>= 1.0.2)
    unicode (0.4.1)
    warden (1.1.0)
      rack (>= 1.0)
    wasabi (2.0.0)
      nokogiri (>= 1.4.0)
    xml-simple (1.1.1)
    xpath (0.1.4)
      nokogiri (~> 1.3)

PLATFORMS
  ruby

DEPENDENCIES
  bcrypt-ruby
  blacklight!
  capistrano
  capybara
  coffee-rails (~> 3.2.1)
  cucumber-rails
  database_cleaner
  devise
  hydra-head!
  jettywrapper
  jquery-rails
  mediainfo
  mocha
  noid
  rails (= 3.2.1)
  rspec
  rspec-rails (>= 2.5.0)
  sass-rails (~> 3.2.3)
  solrizer-fedora (>= 1.0.1)
  sqlite3
  therubyracer
  uglifier (>= 1.0.3)
